GEM
  remote: https://rubygems.org/
  specs:
    activesupport (7.0.4)
      concurrent-ruby (~> 1.0, >= 1.0.2)
      i18n (>= 1.6, < 2)
      minitest (>= 5.1)
      tzinfo (~> 2.0)
    addressable (2.8.1)
      public_suffix (>= 2.0.2, < 6.0)
    archive-zip (0.12.0)
      io-like (~> 0.3.0)
    capybara (3.38.0)
      addressable
      matrix
      mini_mime (>= 0.1.3)
      nokogiri (~> 1.8)
      rack (>= 1.6.0)
      rack-test (>= 0.6.3)
      regexp_parser (>= 1.5, < 3.0)
      xpath (~> 3.2)
    childprocess (3.0.0)
    coderay (1.1.3)
    concurrent-ruby (1.1.10)
    cucumber-gherkin (25.0.2)
      cucumber-messages (~> 19.1, >= 19.1.4)
    cucumber-messages (19.1.4)
    cuke_modeler (3.18.0)
      cucumber-gherkin (< 26.0)
    diff-lcs (1.5.0)
    exiftool (1.2.4)
      json
    exiftool_vendored (11.44.0)
      exiftool (>= 0.7.0)
    factory_bot (6.2.1)
      activesupport (>= 5.0.0)
    faker (3.0.0)
      i18n (>= 1.8.11, < 2)
    geckodriver-helper (0.24.0)
      archive-zip (~> 0.7)
    i18n (1.12.0)
      concurrent-ruby (~> 1.0)
    io-like (0.3.1)
    json (2.6.3)
    matrix (0.4.2)
    method_source (1.0.0)
    mini_mime (1.1.2)
    mini_portile2 (2.8.0)
    minitest (5.16.3)
    nokogiri (1.13.10)
      mini_portile2 (~> 2.8.0)
      racc (~> 1.4)
    pg (1.4.5)
    pry (0.14.1)
      coderay (~> 1.1)
      method_source (~> 1.0)
    public_suffix (5.0.1)
    racc (1.6.1)
    rack (3.0.4.1)
    rack-test (2.0.2)
      rack (>= 1.3)
    rb-readline (0.5.5)
    regexp_parser (2.6.1)
    rexml (3.2.5)
    rspec (3.12.0)
      rspec-core (~> 3.12.0)
      rspec-expectations (~> 3.12.0)
      rspec-mocks (~> 3.12.0)
    rspec-core (3.12.0)
      rspec-support (~> 3.12.0)
    rspec-expectations (3.12.0)
      diff-lcs (>= 1.2.0, < 2.0)
      rspec-support (~> 3.12.0)
    rspec-mocks (3.12.1)
      diff-lcs (>= 1.2.0, < 2.0)
      rspec-support (~> 3.12.0)
    rspec-support (3.12.0)
    rubyzip (2.3.2)
    selenium-webdriver (3.142.7)
      childprocess (>= 0.5, < 4.0)
      rubyzip (>= 1.2.2)
    sequel (5.63.0)
    turnip (4.4.0)
      cuke_modeler (~> 3.15)
      rspec (>= 3.0, < 4.0)
    tzinfo (2.0.5)
      concurrent-ruby (~> 1.0)
    xpath (3.2.0)
      nokogiri (~> 1.8)

PLATFORMS
  ruby

DEPENDENCIES
  activesupport
  capybara (~> 3.8)
  exiftool_vendored (= 11.44.0)
  factory_bot
  faker
  geckodriver-helper
  pg
  pry
  rb-readline
  rexml
  rspec
  selenium-webdriver (~> 3.14)
  sequel
  turnip

BUNDLED WITH
   2.3.3
